PATH
  remote: .
  specs:
    rtsp (0.4.4)
      parslet (>= 1.1.0)
      rtp (>= 0.1.3)
      sdp (~> 0.2.6)

GEM
  remote: http://rubygems.org/
  specs:
    bindata (1.4.5)
    blankslate (2.1.2.4)
    builder (3.1.4)
    cucumber (1.2.1)
      builder (>= 2.1.2)
      diff-lcs (>= 1.1.3)
      gherkin (~> 2.11.0)
      json (>= 1.4.6)
    diff-lcs (1.1.3)
    gherkin (2.11.5)
      json (>= 1.4.6)
    json (1.7.5)
    log_switch (0.4.0)
    multi_json (1.3.7)
    parslet (1.4.0)
      blankslate (~> 2.0)
    rake (10.0.2)
    rspec (2.12.0)
      rspec-core (~> 2.12.0)
      rspec-expectations (~> 2.12.0)
      rspec-mocks (~> 2.12.0)
    rspec-core (2.12.0)
    rspec-expectations (2.12.0)
      diff-lcs (~> 1.1.3)
    rspec-mocks (2.12.0)
    rtp (0.1.3)
      bindata (~> 1.4)
      log_switch (>= 0.4.0)
    sdp (0.2.9)
      parslet (>= 1.1.0)
    simplecov (0.7.1)
      multi_json (~> 1.0)
      simplecov-html (~> 0.7.1)
    simplecov-html (0.7.1)
    thor (0.16.0)
    yard (0.8.3)

PLATFORMS
  ruby

DEPENDENCIES
  bundler
  cucumber (>= 1.1.0)
  rake (>= 0.8.7)
  rspec (>= 2.5.0)
  rtsp!
  simplecov (>= 0.4.0)
  thor
  yard (>= 0.6.0)
